PATH
  remote: .
  specs:
    ruby-agents (0.1.2)

GEM
  remote: http://rubygems.org/
  specs:
    attr_extras (7.1.0)
    base64 (0.1.1)
    concurrent-ruby (1.2.2)
    diff-lcs (1.5.0)
    event_stream_parser (0.3.0)
    faraday (2.7.11)
      base64
      faraday-net_http (>= 2.0, < 3.1)
      ruby2_keywords (>= 0.0.4)
    faraday-multipart (1.0.4)
      multipart-post (~> 2)
    faraday-net_http (3.0.2)
    multipart-post (2.3.0)
    optimist (3.1.0)
    patience_diff (1.2.0)
      optimist (~> 3.0)
    ruby-openai (6.0.0)
      event_stream_parser (>= 0.3.0, < 1.0.0)
      faraday (>= 1)
      faraday-multipart (>= 1)
    ruby2_keywords (0.0.5)
    super_diff (0.10.0)
      attr_extras (>= 6.2.4)
      diff-lcs
      patience_diff
    tldr (0.9.5)
      concurrent-ruby (~> 1.2)
      super_diff (~> 0.10)

PLATFORMS
  arm64-darwin-21
  arm64-darwin-22

DEPENDENCIES
  ruby-agents!
  ruby-openai (>= 5.1)
  tldr (>= 0.9.5)

BUNDLED WITH
   2.4.19
